GEM
  remote: https://rubygems.org/
  specs:
    gosu (0.15.1-x64-mingw32)

PLATFORMS
  x64-mingw32

DEPENDENCIES
  gosu

BUNDLED WITH
   2.1.2
